GIT
  remote: git://github.com/acrmp/foodcritic.git
  revision: 4f615e71006e539ac61633d22e7f6ab00bc1f51d
  specs:
    foodcritic (2.2.0)
      erubis
      gherkin (~> 2.11.7)
      nokogiri (~> 1.5.4)
      rake (~> 10.1.0)
      treetop (~> 1.4.10)
      yajl-ruby (~> 1.1.0)

GIT
  remote: git://github.com/dotless-de/kitchen-vagrant.git
  revision: 55d8158a5bb4d06ef1e0136e7726bfb54c59f572
  branch: master
  specs:
    kitchen-vagrant (0.11.2.dev)
      test-kitchen (~> 1.0.0.beta.3)

GIT
  remote: git://github.com/dotless-de/test-kitchen.git
  revision: 02604e33f4d181ccd7227d061a852552e80cf391
  branch: allow-ssh-forward_agent
  specs:
    test-kitchen (1.0.0.dev)
      celluloid
      mixlib-shellout
      net-scp
      net-ssh
      pry
      safe_yaml (~> 0.9.5)
      thor

GIT
  remote: git://github.com/fnordfish/net-ssh.git
  revision: dcebe330dbd353cdde7242f6c3d648e49166e935
  branch: allow-sendenv
  specs:
    net-ssh (2.6.8)

GEM
  remote: https://rubygems.org/
  specs:
    archive-tar-minitar (0.5.2)
    celluloid (0.15.1)
      timers (~> 1.1.0)
    chef (11.4.4)
      erubis
      highline (>= 1.6.9)
      json (>= 1.4.4, <= 1.7.7)
      mixlib-authentication (>= 1.3.0)
      mixlib-cli (~> 1.3.0)
      mixlib-config (>= 1.1.2)
      mixlib-log (>= 1.3.0)
      mixlib-shellout
      net-ssh (~> 2.6)
      net-ssh-multi (~> 1.1.0)
      ohai (>= 0.6.0)
      rest-client (>= 1.0.4, < 1.7.0)
      yajl-ruby (~> 1.1)
    coderay (1.0.9)
    erubis (2.7.0)
    gherkin (2.11.8)
      multi_json (~> 1.3)
    highline (1.6.19)
    ipaddress (0.8.0)
    json (1.7.7)
    librarian (0.1.0)
      highline
      thor (~> 0.15)
    librarian-chef (0.0.1)
      archive-tar-minitar (>= 0.5.2)
      chef (>= 0.10)
      librarian (~> 0.1.0)
    method_source (0.8.2)
    mime-types (1.24)
    mixlib-authentication (1.3.0)
      mixlib-log
    mixlib-cli (1.3.0)
    mixlib-config (1.1.2)
    mixlib-log (1.6.0)
    mixlib-shellout (1.2.0)
    multi_json (1.7.9)
    net-scp (1.1.2)
      net-ssh (>= 2.6.5)
    net-ssh-gateway (1.2.0)
      net-ssh (>= 2.6.5)
    net-ssh-multi (1.1)
      net-ssh (>= 2.1.4)
      net-ssh-gateway (>= 0.99.0)
    nokogiri (1.5.10)
    ohai (6.16.0)
      ipaddress
      mixlib-cli
      mixlib-config
      mixlib-log
      mixlib-shellout
      systemu
      yajl-ruby
    polyglot (0.3.3)
    pry (0.9.12.2)
      coderay (~> 1.0.5)
      method_source (~> 0.8)
      slop (~> 3.4)
    rake (10.1.0)
    rest-client (1.6.7)
      mime-types (>= 1.16)
    safe_yaml (0.9.5)
    slop (3.4.6)
    systemu (2.5.2)
    thor (0.18.1)
    timers (1.1.0)
    treetop (1.4.15)
      polyglot
      polyglot (>= 0.3.1)
    yajl-ruby (1.1.0)

PLATFORMS
  ruby

DEPENDENCIES
  foodcritic!
  kitchen-vagrant!
  librarian-chef
  net-ssh!
  rake
  test-kitchen (~> 1.0.0.beta3)!
